PATH
  remote: .
  specs:
    workos (1.6.0)
      sorbet-runtime (~> 0.5)

GEM
  remote: https://rubygems.org/
  specs:
    addressable (2.8.0)
      public_suffix (>= 2.0.2, < 5.0)
    ast (2.4.2)
    codecov (0.2.12)
      json
      simplecov
    crack (0.4.5)
      rexml
    diff-lcs (1.4.4)
    docile (1.3.5)
    hashdiff (1.0.1)
    json (2.5.1)
    parallel (1.20.1)
    parser (3.0.1.0)
      ast (~> 2.4.1)
    public_suffix (4.0.6)
    rainbow (3.0.0)
    rake (13.0.3)
    regexp_parser (2.1.1)
    rexml (3.2.5)
    rspec (3.9.0)
      rspec-core (~> 3.9.0)
      rspec-expectations (~> 3.9.0)
      rspec-mocks (~> 3.9.0)
    rspec-core (3.9.3)
      rspec-support (~> 3.9.3)
    rspec-expectations (3.9.4)
      diff-lcs (>= 1.2.0, < 2.0)
      rspec-support (~> 3.9.0)
    rspec-mocks (3.9.1)
      diff-lcs (>= 1.2.0, < 2.0)
      rspec-support (~> 3.9.0)
    rspec-support (3.9.4)
    rubocop (0.93.1)
      parallel (~> 1.10)
      parser (>= 2.7.1.5)
      rainbow (>= 2.2.2, < 4.0)
      regexp_parser (>= 1.8)
      rexml
      rubocop-ast (>= 0.6.0)
      ruby-progressbar (~> 1.7)
      unicode-display_width (>= 1.4.0, < 2.0)
    rubocop-ast (1.4.1)
      parser (>= 2.7.1.5)
    ruby-progressbar (1.11.0)
    simplecov (0.21.2)
      docile (~> 1.1)
      simplecov-html (~> 0.11)
      simplecov_json_formatter (~> 0.1)
    simplecov-html (0.12.3)
    simplecov_json_formatter (0.1.2)
    sorbet (0.5.6388)
      sorbet-static (= 0.5.6388)
    sorbet-runtime (0.5.9094)
    sorbet-static (0.5.6388-universal-darwin-14)
    sorbet-static (0.5.6388-universal-darwin-15)
    sorbet-static (0.5.6388-universal-darwin-16)
    sorbet-static (0.5.6388-universal-darwin-17)
    sorbet-static (0.5.6388-universal-darwin-18)
    sorbet-static (0.5.6388-universal-darwin-19)
    sorbet-static (0.5.6388-universal-darwin-20)
    sorbet-static (0.5.6388-x86_64-linux)
    unicode-display_width (1.7.0)
    vcr (5.0.0)
    webmock (3.12.2)
      addressable (>= 2.3.6)
      crack (>= 0.3.2)
      hashdiff (>= 0.4.0, < 2.0.0)
    yard (0.9.26)

PLATFORMS
  ruby

DEPENDENCIES
  bundler (>= 2.0.1)
  codecov (~> 0.2.8)
  rake
  rspec (~> 3.9.0)
  rubocop (~> 0.77)
  sorbet (~> 0.5)
  vcr (~> 5.0.0)
  webmock
  workos!
  yard

BUNDLED WITH
   2.2.16
